PATH
  remote: .
  specs:
    fuubar (0.0.1)
      progressbar (~> 0.9)
      rspec (~> 2.0)
      rspec-instafail (~> 0.1)

GEM
  remote: http://rubygems.org/
  specs:
    diff-lcs (1.1.2)
    progressbar (0.9.0)
    rspec (2.1.0)
      rspec-core (~> 2.1.0)
      rspec-expectations (~> 2.1.0)
      rspec-mocks (~> 2.1.0)
    rspec-core (2.1.0)
    rspec-expectations (2.1.0)
      diff-lcs (~> 1.1.2)
    rspec-instafail (0.1.2)
    rspec-mocks (2.1.0)

PLATFORMS
  ruby

DEPENDENCIES
  fuubar!
  progressbar (~> 0.9)
  rspec (~> 2.0)
  rspec-instafail (~> 0.1)
